GEM
  remote: https://rubygems.org/
  specs:
    m3u8 (0.8.0)

PLATFORMS
  ruby

DEPENDENCIES
  m3u8

BUNDLED WITH
   1.14.6
